PATH
  remote: .
  specs:
    calagator (0.0.1)
      acts-as-taggable-on (= 2.4.1)
      bluecloth (= 2.2.0)
      columnize (= 0.3.6)
      exception_notification (= 2.6.1)
      font-awesome-rails (= 3.2.1.3)
      formtastic (= 2.2.1)
      formtastic (= 2.2.1)
      geokit (= 1.6.5)
      htmlentities (= 4.3.1)
      jquery-rails (= 1.0.19)
      loofah (= 1.2.1)
      loofah-activerecord (= 1.1.0)
      lucene_query (= 0.1)
      nokogiri (= 1.5.11)
      paper_trail (= 2.7.2)
      paper_trail_manager (>= 0.2.0)
      progress_bar (= 1.0.0)
      rack-robustness (~> 1.1.0)
      rails (~> 3.2.19)
      rails_autolink (= 1.1.3)
      rest-client (= 1.6.7)
      ri_cal (= 0.8.8)
      rubyzip
      sunspot_rails (= 2.1.1)
      sunspot_solr (= 2.1.1)
      utf8-cleaner (~> 0.0.6)
      will_paginate (= 3.0.5)

GEM
  remote: https://rubygems.org/
  specs:
    actionmailer (3.2.19)
      actionpack (= 3.2.19)
      mail (~> 2.5.4)
    actionpack (3.2.19)
      activemodel (= 3.2.19)
      activesupport (= 3.2.19)
      builder (~> 3.0.0)
      erubis (~> 2.7.0)
      journey (~> 1.0.4)
      rack (~> 1.4.5)
      rack-cache (~> 1.2)
      rack-test (~> 0.6.1)
      sprockets (~> 2.2.1)
    activemodel (3.2.19)
      activesupport (= 3.2.19)
      builder (~> 3.0.0)
    activerecord (3.2.19)
      activemodel (= 3.2.19)
      activesupport (= 3.2.19)
      arel (~> 3.0.2)
      tzinfo (~> 0.3.29)
    activeresource (3.2.19)
      activemodel (= 3.2.19)
      activesupport (= 3.2.19)
    activesupport (3.2.19)
      i18n (~> 0.6, >= 0.6.4)
      multi_json (~> 1.0)
    acts-as-taggable-on (2.4.1)
      rails (>= 3, < 5)
    arel (3.0.3)
    bluecloth (2.2.0)
    builder (3.0.4)
    columnize (0.3.6)
    erubis (2.7.0)
    exception_notification (2.6.1)
      actionmailer (>= 3.0.4)
    font-awesome-rails (3.2.1.3)
      railties (>= 3.2, < 5.0)
    formtastic (2.2.1)
      actionpack (>= 3.0)
    geokit (1.6.5)
      multi_json
    highline (1.6.21)
    hike (1.2.3)
    htmlentities (4.3.1)
    i18n (0.7.0)
    journey (1.0.4)
    jquery-rails (1.0.19)
      railties (~> 3.0)
      thor (~> 0.14)
    json (1.8.2)
    loofah (1.2.1)
      nokogiri (>= 1.4.4)
    loofah-activerecord (1.1.0)
      loofah (>= 1.0.0)
    lucene_query (0.1)
    mail (2.5.4)
      mime-types (~> 1.16)
      treetop (~> 1.4.8)
    mime-types (1.25.1)
    multi_json (1.10.1)
    nokogiri (1.5.11)
    options (2.3.2)
    paper_trail (2.7.2)
      activerecord (~> 3.0)
      railties (~> 3.0)
    paper_trail_manager (0.2.0)
      paper_trail (~> 2.0)
      rails (~> 3.0)
      rake
      will_paginate (~> 3.0.pre2)
    polyglot (0.3.5)
    pr_geohash (1.0.0)
    progress_bar (1.0.0)
      highline (~> 1.6.1)
      options (~> 2.3.0)
    rack (1.4.5)
    rack-cache (1.2)
      rack (>= 0.4)
    rack-robustness (1.1.0)
    rack-ssl (1.3.4)
      rack
    rack-test (0.6.3)
      rack (>= 1.0)
    rails (3.2.19)
      actionmailer (= 3.2.19)
      actionpack (= 3.2.19)
      activerecord (= 3.2.19)
      activeresource (= 3.2.19)
      activesupport (= 3.2.19)
      bundler (~> 1.0)
      railties (= 3.2.19)
    rails_autolink (1.1.3)
      rails (> 3.1)
    railties (3.2.19)
      actionpack (= 3.2.19)
      activesupport (= 3.2.19)
      rack-ssl (~> 1.3.2)
      rake (>= 0.8.7)
      rdoc (~> 3.4)
      thor (>= 0.14.6, < 2.0)
    rake (10.4.2)
    rdoc (3.12.2)
      json (~> 1.4)
    rest-client (1.6.7)
      mime-types (>= 1.16)
    ri_cal (0.8.8)
    rsolr (1.0.10)
      builder (>= 2.1.2)
    rubyzip (1.1.7)
    sprockets (2.2.3)
      hike (~> 1.2)
      multi_json (~> 1.0)
      rack (~> 1.0)
      tilt (~> 1.1, != 1.3.0)
    sqlite3 (1.3.10)
    sunspot (2.1.1)
      pr_geohash (~> 1.0)
      rsolr (~> 1.0.7)
    sunspot_rails (2.1.1)
      nokogiri
      rails (>= 3)
      sunspot (= 2.1.1)
    sunspot_solr (2.1.1)
    thor (0.19.1)
    tilt (1.4.1)
    treetop (1.4.15)
      polyglot
      polyglot (>= 0.3.1)
    tzinfo (0.3.43)
    utf8-cleaner (0.0.9)
    will_paginate (3.0.5)

PLATFORMS
  ruby

DEPENDENCIES
  calagator!
  jquery-rails
  sqlite3
